GEM
  remote: https://rubygems.org/
  specs:
    byebug (2.7.0)
      columnize (~> 0.3)
      debugger-linecache (~> 1.2)
    celluloid (0.15.2)
      timers (~> 1.1.0)
    columnize (0.3.6)
    debugger-linecache (1.2.0)
    timers (1.1.0)

PLATFORMS
  ruby

DEPENDENCIES
  byebug
  celluloid
